GIT
  remote: git://github.com/jetthoughts/yaml_db.git
  revision: fb4b6bd7e12de3cffa93e0a298a1e5253d7e92ba
  ref: fb4b6bd7e12de3cffa93e0a298a1e5253d7e92ba
  specs:
    yaml_db (0.2.3)

GIT
  remote: https://github.com/brewbit/bootstrap-sass.git
  revision: 4f65a8222866d0069f25efd447878cba7f09eb5b
  branch: master
  specs:
    bootstrap-sass (3.1.1.0)
      sass (~> 3.2)

GIT
  remote: https://github.com/brewbit/spree_bootstrap_frontend.git
  revision: 14e912926d3b121b5bc84baf3872d6ed56005fa2
  branch: 2-2-stable
  specs:
    spree_bootstrap_frontend (2.2.0)
      bootstrap-sass (~> 3.1.0)
      kaminari-bootstrap (~> 3.0.1)
      spree_core (~> 2.2.0)

GIT
  remote: https://github.com/jmcnevin/dygraphs-rails.git
  revision: a94d01d8e3ee97ad71d6704d86512774b34986a8
  specs:
    dygraphs-rails (1.0.1)

GIT
  remote: https://github.com/spree/spree.git
  revision: 07e7f3b46efc330c4378b8599832bd982a43a319
  branch: 2-2-stable
  specs:
    spree (2.2.1.beta)
      spree_api (= 2.2.1.beta)
      spree_backend (= 2.2.1.beta)
      spree_cmd (= 2.2.1.beta)
      spree_core (= 2.2.1.beta)
      spree_frontend (= 2.2.1.beta)
      spree_sample (= 2.2.1.beta)
    spree_api (2.2.1.beta)
      rabl (= 0.9.3)
      spree_core (= 2.2.1.beta)
      versioncake (~> 1.2.0)
    spree_backend (2.2.1.beta)
      jquery-rails (~> 3.1.0)
      jquery-ui-rails (~> 4.1.0)
      select2-rails (~> 3.4.7)
      spree_api (= 2.2.1.beta)
      spree_core (= 2.2.1.beta)
    spree_cmd (2.2.1.beta)
      thor (~> 0.14)
    spree_core (2.2.1.beta)
      activemerchant (~> 1.42.3)
      acts_as_list (= 0.3.0)
      awesome_nested_set (~> 3.0.0.rc.3)
      aws-sdk (= 1.27.0)
      cancan (~> 1.6.10)
      deface (~> 1.0.0)
      ffaker (~> 1.16)
      friendly_id (= 5.0.3)
      highline (~> 1.6.18)
      httparty (~> 0.11)
      json (~> 1.7)
      kaminari (~> 0.15.0)
      paperclip (~> 3.4.1)
      paranoia (~> 2.0)
      rails (~> 4.0.3)
      ransack (~> 1.1.0)
      state_machine (= 1.2.0)
      stringex (~> 1.5.1)
      truncate_html (= 0.9.2)
    spree_frontend (2.2.1.beta)
      canonical-rails (~> 0.0.4)
      jquery-rails (~> 3.1.0)
      spree_api (= 2.2.1.beta)
      spree_core (= 2.2.1.beta)
      stringex (~> 1.5.1)
    spree_sample (2.2.1.beta)
      spree_core (= 2.2.1.beta)

GIT
  remote: https://github.com/spree/spree_auth_devise.git
  revision: 6469c80cbb8f7bd09fe302c2d0e7fdcb187e38de
  branch: 2-2-stable
  specs:
    spree_auth_devise (2.2.0)
      cancan (~> 1.6.10)
      devise (~> 3.2.3)
      devise-encryptable (= 0.1.2)
      json
      multi_json
      spree_core (~> 2.2.0)

GIT
  remote: https://github.com/spree/spree_gateway.git
  revision: 8d3c09fd63ee61676b5a3b5be37e05b482379db9
  branch: 2-2-stable
  specs:
    spree_gateway (2.2.1)
      spree_core (~> 2.2.0)

PATH
  remote: engines/spree_brewbit
  specs:
    spree_brewbit (2.2.0)
      spree_core (~> 2.2.0)

PATH
  remote: engines/spree_brewbit_dashboard
  specs:
    spree_brewbit_dashboard (2.2.0)
      beefcake
      nested_form
      spree_core (~> 2.2.0)

PATH
  remote: engines/spree_tumblr
  specs:
    spree_tumblr (2.2.0)
      spree_core (~> 2.2.0)

GEM
  remote: https://rubygems.org/
  specs:
    actionmailer (4.0.4)
      actionpack (= 4.0.4)
      mail (~> 2.5.4)
    actionpack (4.0.4)
      activesupport (= 4.0.4)
      builder (~> 3.1.0)
      erubis (~> 2.7.0)
      rack (~> 1.5.2)
      rack-test (~> 0.6.2)
    active_utils (2.0.2)
      activesupport (>= 2.3.11)
      i18n
    activemerchant (1.42.7)
      active_utils (~> 2.0, >= 2.0.1)
      activesupport (>= 2.3.14, < 5.0.0)
      builder (>= 2.1.2, < 4.0.0)
      i18n (~> 0.5)
      json (~> 1.7)
      money (< 7.0.0)
      nokogiri (~> 1.4)
    activemodel (4.0.4)
      activesupport (= 4.0.4)
      builder (~> 3.1.0)
    activerecord (4.0.4)
      activemodel (= 4.0.4)
      activerecord-deprecated_finders (~> 1.0.2)
      activesupport (= 4.0.4)
      arel (~> 4.0.0)
    activerecord-deprecated_finders (1.0.3)
    activesupport (4.0.4)
      i18n (~> 0.6, >= 0.6.9)
      minitest (~> 4.2)
      multi_json (~> 1.3)
      thread_safe (~> 0.1)
      tzinfo (~> 0.3.37)
    acts_as_list (0.3.0)
      activerecord (>= 3.0)
    arel (4.0.2)
    awesome_nested_set (3.0.0.rc.3)
      activerecord (>= 4.0.0, < 5)
    aws-sdk (1.27.0)
      json (~> 1.4)
      nokogiri (>= 1.4.4)
      uuidtools (~> 2.1)
    bcrypt (3.1.7)
    beefcake (0.5.0)
    better_errors (1.1.0)
      coderay (>= 1.0.0)
      erubis (>= 2.6.6)
    binding_of_caller (0.7.2)
      debug_inspector (>= 0.0.1)
    builder (3.1.4)
    bullet (4.8.0)
      activesupport
      uniform_notifier (>= 1.4.0)
    cancan (1.6.10)
    canonical-rails (0.0.7)
      rails (>= 3.1, < 5.0)
    climate_control (0.0.3)
      activesupport (>= 3.0)
    cocaine (0.5.3)
      climate_control (>= 0.0.3, < 1.0)
    coderay (1.1.0)
    coffee-rails (4.0.1)
      coffee-script (>= 2.2.0)
      railties (>= 4.0.0, < 5.0)
    coffee-script (2.2.0)
      coffee-script-source
      execjs
    coffee-script-source (1.7.0)
    colorize (0.7.0)
    debug_inspector (0.0.2)
    deface (1.0.0)
      colorize (>= 0.5.8)
      nokogiri (~> 1.6.0)
      rails (>= 3.1)
    devise (3.2.4)
      bcrypt (~> 3.0)
      orm_adapter (~> 0.1)
      railties (>= 3.2.6, < 5)
      thread_safe (~> 0.1)
      warden (~> 1.2.3)
    devise-encryptable (0.1.2)
      devise (>= 2.1.0)
    dotenv (0.10.0)
    dotenv-rails (0.10.0)
      dotenv (= 0.10.0)
    erubis (2.7.0)
    execjs (2.0.2)
    ffaker (1.23.0)
    foreman (0.63.0)
      dotenv (>= 0.7)
      thor (>= 0.13.6)
    friendly_id (5.0.3)
      activerecord (>= 4.0.0)
    gibbon (1.1.2)
      httparty
      multi_json (>= 1.3.4)
    highline (1.6.21)
    hike (1.2.3)
    httparty (0.13.0)
      json (~> 1.8)
      multi_xml (>= 0.5.2)
    i18n (0.6.9)
    jbuilder (1.5.3)
      activesupport (>= 3.0.0)
      multi_json (>= 1.2.0)
    jquery-rails (3.1.0)
      railties (>= 3.0, < 5.0)
      thor (>= 0.14, < 2.0)
    jquery-ui-rails (4.1.2)
      railties (>= 3.1.0)
    json (1.8.1)
    kaminari (0.15.1)
      actionpack (>= 3.0.0)
      activesupport (>= 3.0.0)
    kaminari-bootstrap (3.0.1)
      kaminari (>= 0.13.0)
      rails
    libv8 (3.16.14.3)
    mail (2.5.4)
      mime-types (~> 1.16)
      treetop (~> 1.4.8)
    mime-types (1.25.1)
    mini_portile (0.5.2)
    minitest (4.7.5)
    monetize (0.1.4)
    money (6.0.1)
      i18n (~> 0.6.4)
      monetize (~> 0.1.3)
    multi_json (1.9.2)
    multi_xml (0.5.5)
    nested_form (0.3.2)
    nokogiri (1.6.1)
      mini_portile (~> 0.5.0)
    orm_adapter (0.5.0)
    paperclip (3.4.2)
      activemodel (>= 3.0.0)
      activerecord (>= 3.0.0)
      activesupport (>= 3.0.0)
      cocaine (~> 0.5.0)
      mime-types
    paranoia (2.0.2)
      activerecord (~> 4.0)
    pg (0.17.1)
    polyamorous (0.6.4)
      activerecord (>= 3.0)
    polyglot (0.3.4)
    puma (2.8.1)
      rack (>= 1.1, < 2.0)
    rabl (0.9.3)
      activesupport (>= 2.3.14)
    rack (1.5.2)
    rack-test (0.6.2)
      rack (>= 1.0)
    rails (4.0.4)
      actionmailer (= 4.0.4)
      actionpack (= 4.0.4)
      activerecord (= 4.0.4)
      activesupport (= 4.0.4)
      bundler (>= 1.3.0, < 2.0)
      railties (= 4.0.4)
      sprockets-rails (~> 2.0.0)
    railties (4.0.4)
      actionpack (= 4.0.4)
      activesupport (= 4.0.4)
      rake (>= 0.8.7)
      thor (>= 0.18.1, < 2.0)
    rake (10.2.2)
    ransack (1.1.0)
      actionpack (>= 3.0)
      activerecord (>= 3.0)
      polyamorous (~> 0.6.0)
    ref (1.0.5)
    sass (3.2.18)
    sass-rails (4.0.2)
      railties (>= 4.0.0, < 5.0)
      sass (~> 3.2.0)
      sprockets (~> 2.8, <= 2.11.0)
      sprockets-rails (~> 2.0.0)
    select2-rails (3.4.9)
      sass-rails
      thor (~> 0.14)
    sprockets (2.11.0)
      hike (~> 1.2)
      multi_json (~> 1.0)
      rack (~> 1.0)
      tilt (~> 1.1, != 1.3.0)
    sprockets-rails (2.0.1)
      actionpack (>= 3.0)
      activesupport (>= 3.0)
      sprockets (~> 2.8)
    state_machine (1.2.0)
    stringex (1.5.1)
    therubyracer (0.12.1)
      libv8 (~> 3.16.14.0)
      ref
    thor (0.19.1)
    thread_safe (0.3.2)
    tilt (1.4.1)
    treetop (1.4.15)
      polyglot
      polyglot (>= 0.3.1)
    truncate_html (0.9.2)
    turbolinks (2.2.1)
      coffee-rails
    tzinfo (0.3.39)
    uglifier (2.5.0)
      execjs (>= 0.3.0)
      json (>= 1.8.0)
    uniform_notifier (1.4.0)
    uuidtools (2.1.4)
    versioncake (1.2.0)
      actionpack (>= 3.2)
      activesupport (>= 3.2)
      railties (>= 3.2)
      tzinfo
    warden (1.2.3)
      rack (>= 1.0)

PLATFORMS
  ruby

DEPENDENCIES
  better_errors
  binding_of_caller
  bootstrap-sass!
  bullet
  coffee-rails (~> 4.0.0)
  dotenv-rails
  dygraphs-rails!
  foreman
  gibbon
  jbuilder (~> 1.2)
  jquery-rails (~> 3.1.0)
  pg
  puma (= 2.8.1)
  rabl
  rails (= 4.0.4)
  sass-rails (~> 4.0.0)
  spree!
  spree_auth_devise!
  spree_bootstrap_frontend!
  spree_brewbit!
  spree_brewbit_dashboard!
  spree_gateway!
  spree_tumblr!
  therubyracer
  turbolinks
  uglifier (>= 1.3.0)
  yaml_db!
